PATH
  remote: .
  specs:
    inline_css (0.1.0)
      crass (~> 0.2.0)
      nokogiri (~> 1.6.1)

GEM
  remote: https://rubygems.org/
  specs:
    crass (0.2.0)
    mini_portile (0.5.2)
    nokogiri (1.6.1)
      mini_portile (~> 0.5.0)

PLATFORMS
  ruby

DEPENDENCIES
  inline_css!
